GIT
  remote: https://github.com/OperationCode/operationcode-airtable
  revision: d9a13577b90ac3af599b08d058979750b4025a46
  specs:
    operationcode-airtable (0.2.1)
      activesupport
      airtable

GIT
  remote: https://github.com/OperationCode/operationcode-slack
  revision: 5baee6a7f336fe4bfca1d53ad935bb28c4aad511
  specs:
    operationcode-slack (0.3.0)
      activesupport
      httparty

GEM
  remote: https://rubygems.org/
  specs:
    activesupport (5.0.1)
      concurrent-ruby (~> 1.0, >= 1.0.2)
      i18n (~> 0.7)
      minitest (~> 5.1)
      tzinfo (~> 1.1)
    airtable (0.0.9)
      httparty
    codeclimate-test-reporter (1.0.4)
      simplecov
    coderay (1.1.1)
    concurrent-ruby (1.0.4)
    docile (1.1.5)
    httparty (0.14.0)
      multi_xml (>= 0.5.2)
    i18n (0.7.0)
    json (2.0.2)
    metaclass (0.0.4)
    method_source (0.8.2)
    minitest (5.10.1)
    mocha (1.2.1)
      metaclass (~> 0.0.1)
    multi_xml (0.6.0)
    power_assert (0.4.1)
    pry (0.10.4)
      coderay (~> 1.1.0)
      method_source (~> 0.8.1)
      slop (~> 3.4)
    rack (1.6.5)
    rack-protection (1.5.3)
      rack
    rack-test (0.6.3)
      rack (>= 1.0)
    rake (12.0.0)
    rb-readline (0.5.3)
    simplecov (0.12.0)
      docile (~> 1.1.0)
      json (>= 1.8, < 3)
      simplecov-html (~> 0.10.0)
    simplecov-html (0.10.0)
    sinatra (1.4.7)
      rack (~> 1.5)
      rack-protection (~> 1.4)
      tilt (>= 1.3, < 3)
    slop (3.6.0)
    test-unit (3.2.3)
      power_assert
    thread_safe (0.3.5)
    tilt (2.0.5)
    tzinfo (1.2.2)
      thread_safe (~> 0.1)

PLATFORMS
  ruby

DEPENDENCIES
  activesupport
  airtable
  codeclimate-test-reporter (~> 1.0.0)
  httparty
  mocha
  operationcode-airtable!
  operationcode-slack!
  pry
  rack-test
  rake
  rb-readline
  simplecov
  sinatra
  test-unit

RUBY VERSION
   ruby 2.3.3p222

BUNDLED WITH
   1.13.6
